GEM
  remote: https://rubygems.org/
  specs:
    mail (2.6.3)
      mime-types (>= 1.16, < 3)
    mime-types (1.25.1)

PLATFORMS
  ruby

DEPENDENCIES
  mail

BUNDLED WITH
   2.2.33
